GEM
  remote: http://rubygems.org/
  specs:
    awesome_print (1.6.1)
    bond (0.5.1)
    coderay (1.0.9)
    colored (1.2)
    method_source (0.8.2)
    rb-readline (0.5.3)
    ripl (0.7.1)
      bond (~> 0.5.1)
    ripl-auto_indent (0.2.0)
      ripl (>= 0.6.0)
      ripl-multi_line (>= 0.3.0)
      ruby_indentation (>= 0.2.0)
    ripl-color_streams (0.1.2)
      ripl (>= 0.2.8)
    ripl-irb (0.2.3)
      ripl (>= 0.2.5)
    ripl-multi_line (0.3.1)
      ripl (>= 0.3.6)
    ripl-play (0.2.1)
      ripl (>= 0.3.0)
    ripl-shell_commands (0.1.0)
      ripl (~> 0.3)
    ruby_indentation (0.2.0)
      coderay (~> 1.0.5)

PLATFORMS
  ruby

DEPENDENCIES
  awesome_print
  colored
  method_source
  rb-readline
  ripl
  ripl-auto_indent
  ripl-color_streams
  ripl-irb
  ripl-multi_line
  ripl-play
  ripl-shell_commands

BUNDLED WITH
   1.11.2
